GEM
  remote: http://rubygems.org/
  specs:
    builder (3.0.0)
    cucumber (0.10.6)
      builder (>= 2.1.2)
      diff-lcs (>= 1.1.2)
      gherkin (~> 2.4.0)
      json (>= 1.4.6)
      term-ansicolor (>= 1.0.5)
    cuke4php (0.9.5)
      cucumber (>= 0.10.2)
    diff-lcs (1.1.2)
    gherkin (2.4.0)
      json (>= 1.4.6)
    json (1.5.1)
    rspec (2.5.0)
      rspec-core (~> 2.5.0)
      rspec-expectations (~> 2.5.0)
      rspec-mocks (~> 2.5.0)
    rspec-core (2.5.1)
    rspec-expectations (2.5.0)
      diff-lcs (~> 1.1.2)
    rspec-mocks (2.5.0)
    term-ansicolor (1.0.5)

PLATFORMS
  ruby

DEPENDENCIES
  cuke4php
  rspec
